GIT
  remote: https://github.com/poshyvailo/rg_courses_codebreacker
  revision: 20dd02e871291380260da84e3d9b4beac58f6362
  branch: web
  specs:
    codebreacker (0.1.0)

GEM
  remote: https://rubygems.org/
  specs:
    coderay (1.1.2)
    method_source (0.9.0)
    pry (0.11.3)
      coderay (~> 1.1.0)
      method_source (~> 0.9.0)
    puma (3.11.0)
    rack (2.0.3)

PLATFORMS
  ruby

DEPENDENCIES
  codebreacker!
  pry
  puma
  rack (~> 2.0)

RUBY VERSION
   ruby 2.4.2p198

BUNDLED WITH
   1.16.0
